GEM
  remote: https://rubygems.org/
  specs:
    addressable (2.3.8)
    concurrent-ruby (1.0.5)
    connection_pool (2.2.1)
    database_cleaner (1.6.1)
    diff-lcs (1.3)
    dotenv (2.2.1)
    json (1.8.6)
    mime-types (1.25.1)
    rack (2.0.3)
    rack-protection (2.0.0)
      rack
    rake (12.0.0)
    redis (3.3.3)
    rest-client (1.6.9)
      mime-types (~> 1.16)
    rspec (3.6.0)
      rspec-core (~> 3.6.0)
      rspec-expectations (~> 3.6.0)
      rspec-mocks (~> 3.6.0)
    rspec-core (3.6.0)
      rspec-support (~> 3.6.0)
    rspec-expectations (3.6.0)
      diff-lcs (>= 1.2.0, < 2.0)
      rspec-support (~> 3.6.0)
    rspec-mocks (3.6.0)
      diff-lcs (>= 1.2.0, < 2.0)
      rspec-support (~> 3.6.0)
    rspec-support (3.6.0)
    sequel (4.49.0)
    sidekiq (5.0.4)
      concurrent-ruby (~> 1.0)
      connection_pool (~> 2.2, >= 2.2.0)
      rack-protection (>= 1.5.0)
      redis (~> 3.3, >= 3.3.3)
    sqlite3 (1.3.13)
    unirest (1.1.2)
      addressable (~> 2.3.5)
      json (~> 1.8.1)
      rest-client (~> 1.6.7)

PLATFORMS
  ruby

DEPENDENCIES
  database_cleaner
  dotenv
  rake
  rspec
  sequel
  sidekiq
  sqlite3
  unirest

BUNDLED WITH
   1.15.3
